GIT
  remote: git://github.com/PragTob/wingtips.git
  revision: d8ce2629a9d8bb3158f062aee876a3e693a0cae4
  specs:
    wingtips (0.0.1)

GIT
  remote: git://github.com/shoes/shoes4.git
  revision: 9d180859faeda87ddbfbd99e95558f69ba303707
  specs:
    shoes (4.0.0.pre2)
      furoshiki (>= 0.1.2)
      nokogiri
      shoes-dsl (= 4.0.0.pre2)
      shoes-swt (= 4.0.0.pre2)
    shoes-dsl (4.0.0.pre2)
    shoes-swt (4.0.0.pre2)
      after_do (~> 0.3)
      furoshiki (~> 0.2.0)
      shoes-dsl (= 4.0.0.pre2)
      swt (~> 4.4)

GEM
  remote: https://rubygems.org/
  specs:
    after_do (0.3.1)
    furoshiki (0.2.0)
      plist
      rubyzip (>= 1.0.0)
      warbler (~> 1.4.4)
    jruby-jars (1.7.16.1)
    jruby-rack (1.1.16)
    mini_portile2 (2.6.1)
    nokogiri (1.12.5)
      mini_portile2 (~> 2.6.1)
      racc (~> 1.4)
    nokogiri (1.12.5-java)
      racc (~> 1.4)
    plist (3.1.0)
    racc (1.5.2)
    racc (1.5.2-java)
    rake (10.3.2)
    rubyzip (1.1.6)
    swt (4.4)
    warbler (1.4.4)
      jruby-jars (>= 1.5.6, < 2.0)
      jruby-rack (>= 1.0.0)
      rake (>= 0.9.6)
      rubyzip (>= 0.9, < 1.2)

PLATFORMS
  java
  ruby

DEPENDENCIES
  shoes!
  wingtips!
